PATH
  remote: .
  specs:
    oxo (0.1.1)

GEM
  remote: https://rubygems.org/
  specs:
    minitest (5.20.0)
    rake (13.1.0)

PLATFORMS
  x86_64-linux

DEPENDENCIES
  minitest
  oxo!
  rake

BUNDLED WITH
   2.4.10
